GEM
  remote: https://rubygems.org/
  specs:
    diff-lcs (1.4.4)
    jasmine (3.6.0)
      jasmine-core (~> 3.6.0)
      phantomjs
      rack (>= 1.2.1)
      rake
    jasmine-core (3.6.0)
    jslint_on_rails (1.1.1)
    phantomjs (2.1.1.0)
    rack (2.2.3)
    rake (13.0.3)
    rspec (3.10.0)
      rspec-core (~> 3.10.0)
      rspec-expectations (~> 3.10.0)
      rspec-mocks (~> 3.10.0)
    rspec-core (3.10.1)
      rspec-support (~> 3.10.0)
    rspec-expectations (3.10.1)
      diff-lcs (>= 1.2.0, < 2.0)
      rspec-support (~> 3.10.0)
    rspec-mocks (3.10.2)
      diff-lcs (>= 1.2.0, < 2.0)
      rspec-support (~> 3.10.0)
    rspec-support (3.10.2)

PLATFORMS
  ruby

DEPENDENCIES
  jasmine (>= 1.0.2.0)
  jslint_on_rails (~> 1.1, >= 1.1.1)
  rspec (>= 2.5.0)

BUNDLED WITH
   1.17.2
