GEM
  remote: https://rubygems.org/
  specs:
    diff-lcs (1.3)
    jasmine (3.4.0)
      jasmine-core (~> 3.4.0)
      phantomjs
      rack (>= 1.2.1)
      rake
    jasmine-core (3.4.0)
    jslint_on_rails (1.1.1)
    phantomjs (2.1.1.0)
    rack (2.0.7)
    rake (12.3.2)
    rspec (3.8.0)
      rspec-core (~> 3.8.0)
      rspec-expectations (~> 3.8.0)
      rspec-mocks (~> 3.8.0)
    rspec-core (3.8.0)
      rspec-support (~> 3.8.0)
    rspec-expectations (3.8.3)
      diff-lcs (>= 1.2.0, < 2.0)
      rspec-support (~> 3.8.0)
    rspec-mocks (3.8.0)
      diff-lcs (>= 1.2.0, < 2.0)
      rspec-support (~> 3.8.0)
    rspec-support (3.8.0)

PLATFORMS
  ruby

DEPENDENCIES
  jasmine (>= 1.0.2.0)
  jslint_on_rails (~> 1.1, >= 1.1.1)
  rspec (>= 2.5.0)

BUNDLED WITH
   1.17.2
